GEM
  remote: https://rubygems.org/
  specs:
    byebug (8.2.2)
    minitest (5.8.4)

PLATFORMS
  ruby

DEPENDENCIES
  byebug
  minitest

BUNDLED WITH
   1.11.2
